GEM
  remote: https://rubygems.org/
  specs:
    activesupport (4.2.1)
      i18n (~> 0.7)
      json (~> 1.7, >= 1.7.7)
      minitest (~> 5.1)
      thread_safe (~> 0.3, >= 0.3.4)
      tzinfo (~> 1.1)
    audio_monster (1.1.1)
      activesupport
      mimemagic
      nu_wav
      ptools
      ruby-mp3info (~> 0.8.6)
    excon (0.45.3)
    fuzzy_match (2.1.0)
    google_speech (0.4.1)
      excon
      uuid
    i18n (0.7.0)
    json (1.8.2)
    macaddr (1.7.1)
      systemu (~> 2.6.2)
    mimemagic (0.3.0)
    minitest (5.7.0)
    nu_wav (0.5.1)
      ruby-mp3info (>= 0.6.13)
    ptools (1.3.2)
    ruby-mp3info (0.8.6)
    systemu (2.6.5)
    thread_safe (0.3.5)
    tzinfo (1.2.2)
      thread_safe (~> 0.1)
    uuid (2.3.7)
      macaddr (~> 1.0)

PLATFORMS
  ruby

DEPENDENCIES
  audio_monster
  fuzzy_match
  google_speech
